GEM
  remote: https://rubygems.org/
  specs:
    avro (1.11.3)
      multi_json (~> 1.0)
    avro_turf (1.14.0)
      avro (>= 1.8.0, < 1.12)
      excon (~> 0.104)
    digest-crc (0.6.5)
      rake (>= 12.0.0, < 14.0.0)
    excon (0.104.0)
    multi_json (1.15.0)
    rake (13.0.6)
    ruby-kafka (1.5.0)
      digest-crc

PLATFORMS
  x86_64-darwin-20

DEPENDENCIES
  avro_turf (~> 1.14)
  ruby-kafka (~> 1.5)

BUNDLED WITH
   2.4.4
